GEM
  remote: https://rubygems.org/
  specs:
    childprocess (3.0.0)
    connection_pool (2.2.2)
    net-http-persistent (3.1.0)
      connection_pool (~> 2.2)
    rake (13.0.1)
    rubyzip (2.3.0)
    selenium-webdriver (3.142.7)
      childprocess (>= 0.5, < 4.0)
      rubyzip (>= 1.2.2)

PLATFORMS
  ruby

DEPENDENCIES
  net-http-persistent
  rake
  selenium-webdriver

BUNDLED WITH
   2.1.4
